PATH
  remote: .
  specs:
    runners (0.58.0)
      aws-sdk-s3 (>= 1.87)
      bugsnag (>= 6.18)
      bundler (>= 2.2.20, < 2.4.0)
      erb (>= 2.2)
      fileutils (>= 1.5)
      forwardable (>= 1.3)
      git_diff_parser (>= 4.0)
      json (>= 2.5)
      jsonseq (>= 0.2)
      nokogiri (>= 1.11)
      open3 (>= 0.1)
      parallel (>= 1.20)
      psych (>= 3.2, < 5.0)
      retryable (>= 3.0)
      strong_json (>= 2.1)
      strscan (>= 3.0)

GEM
  remote: https://rubygems.org/
  specs:
    activesupport (7.0.2.2)
      concurrent-ruby (~> 1.0, >= 1.0.2)
      i18n (>= 1.6, < 2)
      minitest (>= 5.1)
      tzinfo (~> 2.0)
    amazing_print (1.4.0)
    ast (2.4.2)
    aufgaben (0.9.0)
    aws-eventstream (1.2.0)
    aws-partitions (1.559.0)
    aws-sdk-core (3.127.0)
      aws-eventstream (~> 1, >= 1.0.2)
      aws-partitions (~> 1, >= 1.525.0)
      aws-sigv4 (~> 1.1)
      jmespath (~> 1.0)
    aws-sdk-kms (1.55.0)
      aws-sdk-core (~> 3, >= 3.127.0)
      aws-sigv4 (~> 1.1)
    aws-sdk-s3 (1.113.0)
      aws-sdk-core (~> 3, >= 3.127.0)
      aws-sdk-kms (~> 1)
      aws-sigv4 (~> 1.4)
    aws-sigv4 (1.4.0)
      aws-eventstream (~> 1, >= 1.0.2)
    bugsnag (6.24.2)
      concurrent-ruby (~> 1.0)
    cgi (0.3.1)
    concurrent-ruby (1.1.9)
    erb (2.2.3)
      cgi
    ffi (1.15.5)
    fileutils (1.6.0)
    forwardable (1.3.2)
    git_diff_parser (4.0.0)
    i18n (1.10.0)
      concurrent-ruby (~> 1.0)
    jmespath (1.6.0)
    json (2.6.1)
    jsonseq (0.2.0)
    language_server-protocol (3.16.0.3)
    lefthook (0.7.7)
    listen (3.7.1)
      rb-fsevent (~> 0.10, >= 0.10.3)
      rb-inotify (~> 0.9, >= 0.9.10)
    mini_portile2 (2.8.0)
    minitest (5.15.0)
    nokogiri (1.13.4)
      mini_portile2 (~> 2.8.0)
      racc (~> 1.4)
    nokogiri (1.13.4-x86_64-darwin)
      racc (~> 1.4)
    nokogiri (1.13.4-x86_64-linux)
      racc (~> 1.4)
    open3 (0.1.1)
    parallel (1.21.0)
    parser (3.1.0.0)
      ast (~> 2.4.1)
    psych (4.0.3)
      stringio
    racc (1.6.0)
    rainbow (3.1.1)
    rake (13.0.6)
    rb-fsevent (0.11.1)
    rb-inotify (0.10.1)
      ffi (~> 1.0)
    rbs (1.7.1)
    regexp_parser (2.2.0)
    retryable (3.0.5)
    rexml (3.2.5)
    rubocop (1.25.1)
      parallel (~> 1.10)
      parser (>= 3.1.0.0)
      rainbow (>= 2.2.2, < 4.0)
      regexp_parser (>= 1.8, < 3.0)
      rexml
      rubocop-ast (>= 1.15.1, < 2.0)
      ruby-progressbar (~> 1.7)
      unicode-display_width (>= 1.4.0, < 3.0)
    rubocop-ast (1.15.1)
      parser (>= 3.0.1.1)
    ruby-progressbar (1.11.0)
    steep (0.47.1)
      activesupport (>= 5.1)
      language_server-protocol (>= 3.15, < 4.0)
      listen (~> 3.0)
      parallel (>= 1.0.0)
      parser (>= 3.0)
      rainbow (>= 2.2.2, < 4.0)
      rbs (~> 1.7.0)
      terminal-table (>= 2, < 4)
    stringio (3.0.1)
    strong_json (2.1.2)
    strscan (3.0.1)
    terminal-table (3.0.2)
      unicode-display_width (>= 1.1.1, < 3)
    tzinfo (2.0.4)
      concurrent-ruby (~> 1.0)
    unicode-display_width (2.1.0)
    unification_assertion (0.0.1)
      minitest (~> 5)

PLATFORMS
  ruby
  x86_64-darwin-19
  x86_64-linux

DEPENDENCIES
  amazing_print
  aufgaben
  lefthook
  minitest
  rainbow
  rake
  rbs
  rubocop
  runners!
  steep
  unification_assertion

BUNDLED WITH
   2.2.31
